GIT
  remote: git@github.com:andrelugomes/net-ssh.git
  revision: e0d238e0e87ebed04d8bd3928ac49eb056eb2515
  tag: v3.1.0
  specs:
    net-ssh (3.1.0)

GEM
  remote: https://rubygems.org/
  specs:
    coderay (1.1.0)
    dotenv (2.0.2)
    method_source (0.8.2)
    pry (0.10.1)
      coderay (~> 1.1.0)
      method_source (~> 0.8.1)
      slop (~> 3.4)
    slop (3.6.0)

PLATFORMS
  ruby

DEPENDENCIES
  dotenv
  net-ssh!
  pry

BUNDLED WITH
   1.10.5
