GEM
  remote: https://rubygems.org/
  specs:
    dotenv (2.0.2)
    net-ssh (3.0.1)

PLATFORMS
  ruby

DEPENDENCIES
  dotenv
  net-ssh
